PATH
  remote: .
  specs:
    git-branch--stray (2.0.0)
      consenter (~> 1.0)

GEM
  remote: https://rubygems.org/
  specs:
    ast (2.4.1)
    coderay (1.1.3)
    consenter (1.0.6)
    interception (0.5)
    method_source (1.0.0)
    minitest (5.14.1)
    parallel (1.19.2)
    parser (2.7.1.4)
      ast (~> 2.4.1)
    pry (0.13.1)
      coderay (~> 1.1)
      method_source (~> 1.0)
    pry-rescue (1.5.1)
      interception (>= 0.5)
      pry (>= 0.12.0)
    rainbow (3.0.0)
    rake (13.0.1)
    regexp_parser (1.7.1)
    rexml (3.2.4)
    rubocop (0.85.1)
      parallel (~> 1.10)
      parser (>= 2.7.0.1)
      rainbow (>= 2.2.2, < 4.0)
      regexp_parser (>= 1.7)
      rexml
      rubocop-ast (>= 0.0.3)
      ruby-progressbar (~> 1.7)
      unicode-display_width (>= 1.4.0, < 2.0)
    rubocop-ast (0.0.3)
      parser (>= 2.7.0.1)
    ruby-progressbar (1.10.1)
    unicode-display_width (1.7.0)

PLATFORMS
  ruby

DEPENDENCIES
  bundler (~> 2.1)
  git-branch--stray!
  minitest (~> 5.14)
  pry (~> 0.13)
  pry-rescue (~> 1.5)
  rake (~> 13.0)
  rubocop (~> 0.81)

BUNDLED WITH
   2.1.4
